GIT
  remote: https://github.com/alexandru/stuff-classifier.git
  revision: 23bce7ed6780930c7e50c801c4f6e6a3be12a02f
  specs:
    stuff-classifier (0.5)
      redis
      ruby-stemmer
      sequel

GEM
  remote: https://rubygems.org/
  specs:
    activesupport (4.2.1)
      i18n (~> 0.7)
      json (~> 1.7, >= 1.7.7)
      minitest (~> 5.1)
      thread_safe (~> 0.3, >= 0.3.4)
      tzinfo (~> 1.1)
    bayes_motel (0.1.0)
    i18n (0.7.0)
    json (1.8.3)
    memoist (0.12.0)
    minitest (5.7.0)
    parallel (1.6.0)
    petrovich (0.2.1)
    redis (3.2.1)
    ruby-progressbar (1.7.5)
    ruby-stemmer (0.9.6)
    sequel (4.23.0)
    thread_safe (0.3.5)
    tzinfo (1.2.2)
      thread_safe (~> 0.1)
    unicode (0.4.4.2)

PLATFORMS
  ruby

DEPENDENCIES
  activesupport
  bayes_motel
  memoist
  parallel
  petrovich
  ruby-progressbar
  stuff-classifier!
  unicode

BUNDLED WITH
   1.10.3
